GIT
  remote: git://github.com/intridea/multi_json.git
  revision: 6f29bb14777acf09891e0b64b552023da83ab2cb
  specs:
    multi_json (1.7.4)

GIT
  remote: git://github.com/mongoid/kiqstand.git
  revision: fdd5ea62293707fe044180a220670b0142314d04
  specs:
    kiqstand (1.2.0)
      mongoid (~> 4.0)
      moped (~> 1.4)

GIT
  remote: git://github.com/mongoid/mongoid.git
  revision: e1fa17295bfbc048f613a070e67bd433ccec256f
  specs:
    mongoid (4.0.0)
      activemodel (~> 4.0.0.rc1)
      moped (~> 1.4)
      origin (~> 1.0)
      tzinfo (~> 0.3.22)

GIT
  remote: git://github.com/seyhunak/twitter-bootstrap-rails.git
  revision: 4aa0f0e661bc4664f59fd3e4287f7acf4d1330e8
  specs:
    twitter-bootstrap-rails (2.2.6)
      actionpack (>= 3.1)
      execjs
      rails (>= 3.1)
      railties (>= 3.1)

GEM
  remote: https://rubygems.org/
  specs:
    actionmailer (4.0.0.rc1)
      actionpack (= 4.0.0.rc1)
      mail (~> 2.5.3)
    actionpack (4.0.0.rc1)
      activesupport (= 4.0.0.rc1)
      builder (~> 3.1.0)
      erubis (~> 2.7.0)
      rack (~> 1.5.2)
      rack-test (~> 0.6.2)
    activemodel (4.0.0.rc1)
      activesupport (= 4.0.0.rc1)
      builder (~> 3.1.0)
    activerecord (4.0.0.rc1)
      activemodel (= 4.0.0.rc1)
      activerecord-deprecated_finders (~> 1.0.2)
      activesupport (= 4.0.0.rc1)
      arel (~> 4.0.0)
    activerecord-deprecated_finders (1.0.2)
    activesupport (4.0.0.rc1)
      i18n (~> 0.6, >= 0.6.4)
      minitest (~> 4.2)
      multi_json (~> 1.3)
      thread_safe (~> 0.1)
      tzinfo (~> 0.3.37)
    arel (4.0.0)
    atomic (1.1.9)
    awesome_print (1.1.0)
    better_errors (0.8.0)
      coderay (>= 1.0.0)
      erubis (>= 2.6.6)
    binding_of_caller (0.7.1)
      debug_inspector (>= 0.0.1)
    bson (1.8.6)
    bson_ext (1.8.6)
      bson (~> 1.8.6)
    builder (3.1.4)
    celluloid (0.14.0)
      timers (>= 1.0.0)
    coderay (1.0.9)
    coffee-rails (4.0.0)
      coffee-script (>= 2.2.0)
      railties (>= 4.0.0.beta, < 5.0)
    coffee-script (2.2.0)
      coffee-script-source
      execjs
    coffee-script-source (1.6.2)
    connection_pool (1.0.0)
    daemons (1.1.9)
    debug_inspector (0.0.2)
    dotenv (0.7.0)
    draper (1.2.1)
      actionpack (>= 3.0)
      activesupport (>= 3.0)
      request_store (~> 1.0.3)
    erubis (2.7.0)
    eventmachine (1.0.3)
    execjs (1.4.0)
      multi_json (~> 1.0)
    foreman (0.63.0)
      dotenv (>= 0.7)
      thor (>= 0.13.6)
    gofer (0.3.1)
      net-scp (>= 1.0.4)
      net-ssh (>= 2.0.23)
    hashie (2.0.5)
    hike (1.2.2)
    i18n (0.6.4)
    jbuilder (1.0.2)
      activesupport (>= 3.0.0)
    jquery-rails (2.2.1)
      railties (>= 3.0, < 5.0)
      thor (>= 0.14, < 2.0)
    json (1.8.0)
    mail (2.5.4)
      mime-types (~> 1.16)
      treetop (~> 1.4.8)
    method_source (0.8.1)
    mime-types (1.23)
    minitest (4.7.4)
    moped (1.5.0)
    net-scp (1.1.1)
      net-ssh (>= 2.6.5)
    net-ssh (2.6.7)
    origin (1.1.0)
    polyglot (0.3.3)
    pry (0.9.12.2)
      coderay (~> 1.0.5)
      method_source (~> 0.8)
      slop (~> 3.4)
    rack (1.5.2)
    rack-protection (1.5.0)
      rack
    rack-test (0.6.2)
      rack (>= 1.0)
    rails (4.0.0.rc1)
      actionmailer (= 4.0.0.rc1)
      actionpack (= 4.0.0.rc1)
      activerecord (= 4.0.0.rc1)
      activesupport (= 4.0.0.rc1)
      bundler (>= 1.3.0, < 2.0)
      railties (= 4.0.0.rc1)
      sprockets-rails (~> 2.0.0.rc4)
    railties (4.0.0.rc1)
      actionpack (= 4.0.0.rc1)
      activesupport (= 4.0.0.rc1)
      rake (>= 0.8.7)
      thor (>= 0.18.1, < 2.0)
    rake (10.0.4)
    rdoc (3.12.2)
      json (~> 1.4)
    redis (3.0.4)
    redis-namespace (1.3.0)
      redis (~> 3.0.0)
    request_store (1.0.5)
    rufus-scheduler (2.0.19)
      tzinfo (>= 0.3.23)
    sass (3.2.9)
    sass-rails (4.0.0.rc1)
      railties (>= 4.0.0.beta, < 5.0)
      sass (>= 3.1.10)
      sprockets-rails (~> 2.0.0.rc0)
      tilt (~> 1.3)
    sdoc (0.3.20)
      json (>= 1.1.3)
      rdoc (~> 3.10)
    sidekiq (2.12.0)
      celluloid (>= 0.14.0)
      connection_pool (>= 1.0.0)
      json
      redis (>= 3.0)
      redis-namespace
    sinatra (1.4.2)
      rack (~> 1.5, >= 1.5.2)
      rack-protection (~> 1.4)
      tilt (~> 1.3, >= 1.3.4)
    slim (1.3.9)
      temple (~> 0.6.3)
      tilt (~> 1.3, >= 1.3.3)
    slop (3.4.5)
    sprockets (2.10.0)
      hike (~> 1.2)
      multi_json (~> 1.0)
      rack (~> 1.0)
      tilt (~> 1.1, != 1.3.0)
    sprockets-rails (2.0.0.rc4)
      actionpack (>= 3.0)
      activesupport (>= 3.0)
      sprockets (~> 2.8)
    temple (0.6.5)
    thin (1.5.1)
      daemons (>= 1.0.9)
      eventmachine (>= 0.12.6)
      rack (>= 1.0.0)
    thor (0.18.1)
    thread_safe (0.1.0)
      atomic
    tilt (1.4.1)
    timers (1.1.0)
    treetop (1.4.12)
      polyglot
      polyglot (>= 0.3.1)
    turbolinks (1.1.1)
      coffee-rails
    tzinfo (0.3.37)
    uglifier (2.1.1)
      execjs (>= 0.3.0)
      multi_json (~> 1.0, >= 1.0.2)

PLATFORMS
  ruby

DEPENDENCIES
  awesome_print
  better_errors
  binding_of_caller
  bson_ext
  coffee-rails (~> 4.0.0)
  draper
  foreman
  gofer
  hashie
  jbuilder (~> 1.0.1)
  jquery-rails
  kiqstand!
  mongoid!
  multi_json!
  pry
  rails (= 4.0.0.rc1)
  rufus-scheduler
  sass-rails (~> 4.0.0.rc1)
  sdoc
  sidekiq
  sinatra
  slim (~> 1.3)
  thin
  turbolinks
  twitter-bootstrap-rails!
  uglifier (>= 1.3.0)
